PATH
  remote: .
  specs:
    mongo-ec2-backup (0.0.4)
      aws-sdk
      bson (= 1.3.1)
      bson_ext (= 1.3.1)
      mongo (= 1.3.1)
      trollop

GEM
  remote: http://rubygems.org/
  specs:
    aws-sdk (1.5.2)
      httparty (~> 0.7)
      json (~> 1.4)
      nokogiri (>= 1.4.4)
      uuidtools (~> 2.1)
    bson (1.3.1)
    bson_ext (1.3.1)
    httparty (0.8.3)
      multi_json (~> 1.0)
      multi_xml
    json (1.7.3)
    mongo (1.3.1)
      bson (>= 1.3.1)
    multi_json (1.3.5)
    multi_xml (0.5.1)
    nokogiri (1.5.2)
    trollop (1.16.2)
    uuidtools (2.1.2)

PLATFORMS
  ruby

DEPENDENCIES
  mongo-ec2-backup!
