PATH
  remote: .
  specs:
    mongo-ec2-backup (0.0.4)
      aws-sdk
      bson_ext
      mongo
      trollop

GEM
  remote: http://rubygems.org/
  specs:
    aws-sdk (1.3.9)
      httparty (~> 0.7)
      json (~> 1.4)
      nokogiri (>= 1.4.4)
      uuidtools (~> 2.1)
    bson (1.6.2)
    bson_ext (1.6.2)
      bson (~> 1.6.2)
    httparty (0.8.1)
      multi_json
      multi_xml
    json (1.6.6)
    mongo (1.6.2)
      bson (~> 1.6.2)
    multi_json (1.2.0)
    multi_xml (0.4.2)
    nokogiri (1.5.2)
    trollop (1.16.2)
    uuidtools (2.1.2)

PLATFORMS
  ruby

DEPENDENCIES
  mongo-ec2-backup!
